GEM
  remote: https://rubygems.org/
  specs:
    actionmailer (3.2.12)
      actionpack (= 3.2.12)
      mail (~> 2.4.4)
    actionpack (3.2.12)
      activemodel (= 3.2.12)
      activesupport (= 3.2.12)
      builder (~> 3.0.0)
      erubis (~> 2.7.0)
      journey (~> 1.0.4)
      rack (~> 1.4.5)
      rack-cache (~> 1.2)
      rack-test (~> 0.6.1)
      sprockets (~> 2.2.1)
    activemodel (3.2.12)
      activesupport (= 3.2.12)
      builder (~> 3.0.0)
    activerecord (3.2.12)
      activemodel (= 3.2.12)
      activesupport (= 3.2.12)
      arel (~> 3.0.2)
      tzinfo (~> 0.3.29)
    activeresource (3.2.12)
      activemodel (= 3.2.12)
      activesupport (= 3.2.12)
    activesupport (3.2.12)
      i18n (~> 0.6)
      multi_json (~> 1.0)
    ansi (1.5.0)
    arel (3.0.3)
    axiom-types (0.1.1)
      descendants_tracker (~> 0.0.4)
      ice_nine (~> 0.11.0)
      thread_safe (~> 0.3, >= 0.3.1)
    bcrypt (3.1.7)
    bcrypt-ruby (3.0.1)
    bootstrap-sass (3.2.0.0)
      sass (~> 3.2)
    builder (3.0.4)
    callsite (0.0.11)
    cancan (1.6.10)
    coderay (1.1.1)
    coercible (1.0.0)
      descendants_tracker (~> 0.0.1)
    coffee-rails (3.2.2)
      coffee-script (>= 2.2.0)
      railties (~> 3.2.0)
    coffee-script (2.4.1)
      coffee-script-source
      execjs
    coffee-script-source (1.10.0)
    columnize (0.9.0)
    debugger (1.6.8)
      columnize (>= 0.3.1)
      debugger-linecache (~> 1.2.0)
      debugger-ruby_core_source (~> 1.3.5)
    debugger-linecache (1.2.0)
    debugger-ruby_core_source (1.3.8)
    delayed_job (4.1.1)
      activesupport (>= 3.0, < 5.0)
    descendants_tracker (0.0.4)
      thread_safe (~> 0.3, >= 0.3.1)
    diff-lcs (1.2.5)
    draper (2.1.0)
      actionpack (>= 3.0)
      activemodel (>= 3.0)
      activesupport (>= 3.0)
      request_store (~> 1.0)
    enumerable-lazy (0.0.1)
    equalizer (0.0.11)
    erubis (2.7.0)
    execjs (2.6.0)
    factory_girl (4.7.0)
      activesupport (>= 3.0.0)
    faraday (0.9.2)
      multipart-post (>= 1.2, < 3)
    ffi (1.9.10)
    formatador (0.2.5)
    git-version-bump (0.15.1)
    grape (0.16.2)
      activesupport
      builder
      hashie (>= 2.1.0)
      multi_json (>= 1.3.2)
      multi_xml (>= 0.5.2)
      mustermann19 (~> 0.4.3)
      rack (>= 1.3.0)
      rack-accept
      virtus (>= 1.0.0)
    guard (2.13.0)
      formatador (>= 0.2.4)
      listen (>= 2.7, <= 4.0)
      lumberjack (~> 1.0)
      nenv (~> 0.1)
      notiffany (~> 0.0)
      pry (>= 0.9.12)
      shellany (~> 0.0)
      thor (>= 0.18.1)
    guard-compat (1.2.1)
    guard-minitest (2.4.4)
      guard-compat (~> 1.2)
      minitest (>= 3.0)
    hashie (3.4.3)
    hike (1.2.3)
    i18n (0.7.0)
    ice_cube (0.14.0)
    ice_nine (0.11.2)
    jbuilder (2.4.1)
      activesupport (>= 3.0.0, < 5.1)
      multi_json (~> 1.2)
    journey (1.0.4)
    jquery-rails (3.1.4)
      railties (>= 3.0, < 5.0)
      thor (>= 0.14, < 2.0)
    json (1.8.3)
    jwt (1.5.1)
    listen (3.0.6)
      rb-fsevent (>= 0.9.3)
      rb-inotify (>= 0.9.7)
    lumberjack (1.0.10)
    mail (2.4.4)
      i18n (>= 0.4.0)
      mime-types (~> 1.16)
      treetop (~> 1.4.8)
    meta_request (0.4.0)
      callsite (~> 0.0, >= 0.0.11)
      rack-contrib (~> 1.1)
      railties (>= 3.0.0, < 5.1.0)
    method_source (0.8.2)
    mime-types (1.25.1)
    mini_backtrace (0.1.3)
      minitest (> 1.2.0)
      rails (>= 2.3.3)
    mini_portile2 (2.0.0)
    minitest (4.7.5)
    minitest-reporters (0.14.24)
      ansi
      builder
      minitest (>= 2.12, < 5.0)
      powerbar
    multi_json (1.11.2)
    multi_xml (0.5.5)
    multipart-post (2.0.0)
    mustermann19 (0.4.3)
      enumerable-lazy
    nenv (0.3.0)
    nokogiri (1.6.7.2)
      mini_portile2 (~> 2.0.0.rc2)
    notiffany (0.0.8)
      nenv (~> 0.1)
      shellany (~> 0.0)
    oauth2 (1.1.0)
      faraday (>= 0.8, < 0.10)
      jwt (~> 1.0, < 1.5.2)
      multi_json (~> 1.3)
      multi_xml (~> 0.5)
      rack (>= 1.2, < 3)
    pg (0.18.4)
    polyamorous (1.1.0)
      activerecord (>= 3.0)
    polyglot (0.3.5)
    powerbar (1.0.17)
      hashie (>= 1.1.0)
    pry (0.10.3)
      coderay (~> 1.1.0)
      method_source (~> 0.8.1)
      slop (~> 3.4)
    rabl (0.12.0)
      activesupport (>= 2.3.14)
    rack (1.4.7)
    rack-accept (0.4.5)
      rack (>= 0.4)
    rack-cache (1.6.1)
      rack (>= 0.4)
    rack-contrib (1.4.0)
      git-version-bump (~> 0.15)
      rack (~> 1.4)
    rack-ssl (1.3.4)
      rack
    rack-test (0.6.3)
      rack (>= 1.0)
    rails (3.2.12)
      actionmailer (= 3.2.12)
      actionpack (= 3.2.12)
      activerecord (= 3.2.12)
      activeresource (= 3.2.12)
      activesupport (= 3.2.12)
      bundler (~> 1.0)
      railties (= 3.2.12)
    rails_12factor (0.0.3)
      rails_serve_static_assets
      rails_stdout_logging
    rails_serve_static_assets (0.0.5)
    rails_stdout_logging (0.0.5)
    railties (3.2.12)
      actionpack (= 3.2.12)
      activesupport (= 3.2.12)
      rack-ssl (~> 1.3.2)
      rake (>= 0.8.7)
      rdoc (~> 3.4)
      thor (>= 0.14.6, < 2.0)
    rake (11.1.2)
    rb-fsevent (0.9.7)
    rb-inotify (0.9.7)
      ffi (>= 0.5.0)
    rdoc (3.12.2)
      json (~> 1.4)
    request_store (1.3.1)
    roo (2.3.2)
      nokogiri (~> 1)
      rubyzip (~> 1.1, < 2.0.0)
    rspec (3.4.0)
      rspec-core (~> 3.4.0)
      rspec-expectations (~> 3.4.0)
      rspec-mocks (~> 3.4.0)
    rspec-core (3.4.4)
      rspec-support (~> 3.4.0)
    rspec-expectations (3.4.0)
      diff-lcs (>= 1.2.0, < 2.0)
      rspec-support (~> 3.4.0)
    rspec-mocks (3.4.1)
      diff-lcs (>= 1.2.0, < 2.0)
      rspec-support (~> 3.4.0)
    rspec-rails (3.4.2)
      actionpack (>= 3.0, < 4.3)
      activesupport (>= 3.0, < 4.3)
      railties (>= 3.0, < 4.3)
      rspec-core (~> 3.4.0)
      rspec-expectations (~> 3.4.0)
      rspec-mocks (~> 3.4.0)
      rspec-support (~> 3.4.0)
    rspec-support (3.4.1)
    rubyzip (1.2.0)
    sass (3.4.22)
    sass-rails (3.2.6)
      railties (~> 3.2.0)
      sass (>= 3.1.10)
      tilt (~> 1.3)
    sdoc (0.3.20)
      json (>= 1.1.3)
      rdoc (~> 3.10)
    shellany (0.0.1)
    skylight (0.10.3)
      activesupport (>= 3.0.0)
    slop (3.6.0)
    spring (1.7.1)
    sprockets (2.2.3)
      hike (~> 1.2)
      multi_json (~> 1.0)
      rack (~> 1.0)
      tilt (~> 1.1, != 1.3.0)
    sqlite3 (1.3.11)
    squeel (1.2.3)
      activerecord (>= 3.0)
      activesupport (>= 3.0)
      polyamorous (~> 1.1.0)
    thor (0.19.1)
    thread_safe (0.3.5)
    tilt (1.4.1)
    treetop (1.4.15)
      polyglot
      polyglot (>= 0.3.1)
    turbolinks (2.5.3)
      coffee-rails
    tzinfo (0.3.48)
    uglifier (3.0.0)
      execjs (>= 0.3.0, < 3)
    virtus (1.0.5)
      axiom-types (~> 0.1)
      coercible (~> 1.0)
      descendants_tracker (~> 0.0, >= 0.0.3)
      equalizer (~> 0.0, >= 0.0.9)

PLATFORMS
  ruby

DEPENDENCIES
  bcrypt (= 3.1.7)
  bcrypt-ruby (~> 3.0.0)
  bootstrap-sass (= 3.2.0.0)
  cancan
  coffee-rails
  debugger
  delayed_job
  draper
  factory_girl
  grape
  guard
  guard-minitest
  ice_cube
  jbuilder
  jquery-rails
  meta_request
  mini_backtrace
  minitest (~> 4.0)
  minitest-reporters
  oauth2
  pg
  rabl
  rails (= 3.2.12)
  rails_12factor
  roo
  rspec
  rspec-rails (~> 3.0)
  sass-rails
  sdoc
  skylight
  spring
  sqlite3
  squeel
  turbolinks
  uglifier

BUNDLED WITH
   1.11.2
